GIT
  remote: git://github.com/svenfuchs/minimal.git
  revision: 4d99b8ed9d34523470ba264e7c1841f8c349e7c2
  specs:
    minimal (0.0.25)
      actionpack (>= 3.0.0)
      activesupport (>= 3.0.0)

GEM
  remote: http://rubygems.org/
  specs:
    Ascii85 (1.0.1)
    ZenTest (4.5.0)
    actionmailer (3.1.0.rc1)
      actionpack (= 3.1.0.rc1)
      mail (~> 2.3.0)
    actionpack (3.1.0.rc1)
      activemodel (= 3.1.0.rc1)
      activesupport (= 3.1.0.rc1)
      builder (~> 3.0.0)
      erubis (~> 2.7.0)
      i18n (~> 0.6.0beta1)
      rack (~> 1.3.0.beta2)
      rack-cache (~> 1.0.1)
      rack-mount (~> 0.8.1)
      rack-test (~> 0.6.0)
      sprockets (~> 2.0.0.beta.5)
      tzinfo (~> 0.3.27)
    activemodel (3.1.0.rc1)
      activesupport (= 3.1.0.rc1)
      bcrypt-ruby (~> 2.1.4)
      builder (~> 3.0.0)
      i18n (~> 0.6.0beta1)
    activerecord (3.1.0.rc1)
      activemodel (= 3.1.0.rc1)
      activesupport (= 3.1.0.rc1)
      arel (~> 2.1.1)
      tzinfo (~> 0.3.27)
    activeresource (3.1.0.rc1)
      activemodel (= 3.1.0.rc1)
      activesupport (= 3.1.0.rc1)
    activesupport (3.1.0.rc1)
      multi_json (~> 1.0)
    arel (2.1.1)
    autotest (4.4.6)
      ZenTest (>= 4.4.1)
    bcrypt-ruby (2.1.4)
    builder (3.0.0)
    capistrano (2.6.0)
      highline
      net-scp (>= 1.0.0)
      net-sftp (>= 2.0.0)
      net-ssh (>= 2.0.14)
      net-ssh-gateway (>= 1.1.0)
    capybara (1.0.0.beta1)
      mime-types (>= 1.16)
      nokogiri (>= 1.3.3)
      rack (>= 1.0.0)
      rack-test (>= 0.5.4)
      selenium-webdriver (>= 0.0.27)
      xpath (~> 0.1.4)
    childprocess (0.1.9)
      ffi (~> 1.0.6)
    coffee-script (2.2.0)
      coffee-script-source
      execjs
    coffee-script-source (1.1.1)
    configuration (1.2.0)
    cucumber (0.10.5)
      builder (>= 2.1.2)
      diff-lcs (>= 1.1.2)
      gherkin (~> 2.4.0)
      json (>= 1.4.6)
      term-ansicolor (>= 1.0.5)
    cucumber-rails (0.5.1)
      capybara (>= 1.0.0.beta1)
      cucumber (>= 0.10.3)
      nokogiri (>= 1.4.4)
      rack-test (>= 0.5.7)
    database_cleaner (0.6.7)
    diff-lcs (1.1.2)
    email_spec (1.1.1)
      rspec (~> 2.0)
    erubis (2.7.0)
    escape_utils (0.2.3)
    execjs (1.1.0)
      multi_json (~> 1.0)
    factory_girl (1.3.3)
    factory_girl_rails (1.0.1)
      factory_girl (~> 1.3)
      railties (>= 3.0.0)
    ffi (1.0.9)
    gherkin (2.4.0)
      json (>= 1.4.6)
    guard (0.4.0)
      thor (~> 0.14.6)
    guard-cucumber (0.4.0)
      cucumber (>= 0.10)
      guard (>= 0.4.0)
    guard-rspec (0.4.0)
      guard (>= 0.4.0)
    guard-spork (0.2.0)
      guard (>= 0.2.2)
      spork (>= 0.8.4)
    haml (3.1.1)
    has_scope (0.5.0)
    highline (1.6.2)
    hike (1.0.0)
    i18n (0.6.0)
    inherited_resources (1.2.2)
      has_scope (~> 0.5.0)
      responders (~> 0.6.0)
    jquery-rails (1.0.9)
      railties (~> 3.0)
      thor (~> 0.14)
    json (1.5.1)
    json_pure (1.5.1)
    launchy (0.4.0)
      configuration (>= 0.0.5)
      rake (>= 0.8.1)
    libnotify (0.5.5)
    mail (2.3.0)
      i18n (>= 0.4.0)
      mime-types (~> 1.16)
      treetop (~> 1.4.8)
    mime-types (1.16)
    mt940_parser (1.0.1)
    multi_json (1.0.3)
    net-scp (1.0.4)
      net-ssh (>= 1.99.1)
    net-sftp (2.0.5)
      net-ssh (>= 2.0.9)
    net-ssh (2.1.4)
    net-ssh-gateway (1.1.0)
      net-ssh (>= 1.99.1)
    nifty-generators (0.4.6)
    nokogiri (1.4.4)
    pdf-reader (0.9.2)
      Ascii85 (>= 0.9)
    pickle (0.4.7)
      cucumber (>= 0.8)
      rake
    polyglot (0.3.1)
    prawn (0.11.1)
      pdf-reader (>= 0.9.0)
      ttfunk (~> 1.0.0)
    rack (1.3.0)
    rack-cache (1.0.2)
      rack (>= 0.4)
    rack-mount (0.8.1)
      rack (>= 1.0.0)
    rack-ssl (1.3.2)
      rack
    rack-test (0.6.0)
      rack (>= 1.0)
    rails (3.1.0.rc1)
      actionmailer (= 3.1.0.rc1)
      actionpack (= 3.1.0.rc1)
      activerecord (= 3.1.0.rc1)
      activeresource (= 3.1.0.rc1)
      activesupport (= 3.1.0.rc1)
      bundler (~> 1.0)
      railties (= 3.1.0.rc1)
    railties (3.1.0.rc1)
      actionpack (= 3.1.0.rc1)
      activesupport (= 3.1.0.rc1)
      rack-ssl (~> 1.3.2)
      rake (>= 0.8.7)
      thor (~> 0.14.6)
    rake (0.8.7)
    responders (0.6.4)
    rspec (2.6.0)
      rspec-core (~> 2.6.0)
      rspec-expectations (~> 2.6.0)
      rspec-mocks (~> 2.6.0)
    rspec-core (2.6.4)
    rspec-expectations (2.6.0)
      diff-lcs (~> 1.1.2)
    rspec-mocks (2.6.0)
    rspec-rails (2.6.1)
      actionpack (~> 3.0)
      activesupport (~> 3.0)
      railties (~> 3.0)
      rspec (~> 2.6.0)
    rubyzip (0.9.4)
    sass (3.1.2)
    selenium-webdriver (0.2.1)
      childprocess (>= 0.1.7)
      ffi (>= 1.0.7)
      json_pure
      rubyzip
    simple_form (1.4.0)
    spork (0.9.0.rc2)
    sprockets (2.0.0.beta.10)
      hike (~> 1.0)
      rack (~> 1.0)
      tilt (!= 1.3.0, ~> 1.1)
    sqlite3 (1.3.3)
    sqlite3-ruby (1.3.3)
      sqlite3 (>= 1.3.3)
    term-ansicolor (1.0.5)
    thor (0.14.6)
    tilt (1.3.2)
    timecop (0.3.5)
    treetop (1.4.9)
      polyglot (>= 0.3.1)
    ttfunk (1.0.1)
    tzinfo (0.3.27)
    uglifier (0.5.4)
      execjs (>= 0.3.0)
      multi_json (>= 1.0.2)
    xpath (0.1.4)
      nokogiri (~> 1.3)

PLATFORMS
  ruby

DEPENDENCIES
  autotest
  capistrano
  coffee-script
  cucumber-rails
  database_cleaner
  email_spec
  escape_utils
  factory_girl_rails
  guard
  guard-cucumber
  guard-rspec
  guard-spork
  haml
  inherited_resources
  jquery-rails
  launchy
  libnotify
  minimal!
  mt940_parser
  nifty-generators
  pickle
  prawn
  rails (= 3.1.0.rc1)
  rake (= 0.8.7)
  rspec-rails (>= 2.6.1.beta1)
  sass
  simple_form
  spork
  sqlite3-ruby
  timecop
  uglifier
